PATH
  remote: .
  specs:
    ruby-terminfo (0.1.1)

GEM
  remote: http://rubygems.org/
  specs:
    diff-lcs (1.5.0)
    hoe (3.26.0)
      rake (>= 0.8, < 15.0)
    hoe-bundler (1.5.0)
    hoe-gemspec (1.0.0)
      hoe (>= 2.2.0)
    hoe-version (1.2.0)
    rake (13.1.0)
    rake-compiler (1.2.5)
      rake
    rdoc (4.3.0)
    rspec (2.99.0)
      rspec-core (~> 2.99.0)
      rspec-expectations (~> 2.99.0)
      rspec-mocks (~> 2.99.0)
    rspec-core (2.99.2)
    rspec-expectations (2.99.2)
      diff-lcs (>= 1.1.3, < 2.0)
    rspec-mocks (2.99.4)

PLATFORMS
  x86_64-linux

DEPENDENCIES
  hoe (~> 3.14)
  hoe-bundler (~> 1.2)
  hoe-gemspec (~> 1.0)
  hoe-version (~> 1.2)
  rake (~> 13)
  rake-compiler
  rdoc (~> 4.0)
  rspec (~> 2.14)
  ruby-terminfo!

BUNDLED WITH
   2.4.10
